GEM
  remote: https://rubygems.org/
  specs:
    coderay (1.0.9)
    ffi (1.9.0)
    launchpad (0.3.0)
      ffi
      portmidi (>= 0.0.6)
    method_source (0.8.1)
    portmidi (0.0.6)
    pry (0.9.12.2)
      coderay (~> 1.0.5)
      method_source (~> 0.8)
      slop (~> 3.4)
    slop (3.4.5)

PLATFORMS
  ruby

DEPENDENCIES
  launchpad
  pry
